GIT
  remote: https://github.com/lautis/uglifier.git
  revision: e32bb87017310e4d1ce8e5915ba2cf898a7a1061
  specs:
    uglifier (1.3.0)
      execjs (>= 0.3.0)
      multi_json (~> 1.0, >= 1.0.2)

GIT
  remote: https://github.com/livingsocial/rake-pipeline.git
  revision: 3914452278165b7eb3a79071d3b63b46fee59a2f
  specs:
    rake-pipeline (0.6.0)
      json
      rake (~> 0.9.0)
      thor

GIT
  remote: https://github.com/wycats/rake-pipeline-web-filters.git
  revision: f28f5809d6a3e580401a0c589d54e6ad28f34a26
  specs:
    rake-pipeline-web-filters (0.6.0)
      rack
      rake-pipeline (~> 0.6)

GEM
  remote: https://rubygems.org/
  specs:
    coffee-script (2.2.0)
      coffee-script-source
      execjs
    coffee-script-source (1.3.3)
    colored (1.2)
    daemons (1.1.9)
    eventmachine (1.0.0)
    execjs (1.4.0)
      multi_json (~> 1.0)
    json (1.7.5)
    multi_json (1.3.6)
    rack (1.4.1)
    rake (0.9.2.2)
    thin (1.5.0)
      daemons (>= 1.0.9)
      eventmachine (>= 0.12.6)
      rack (>= 1.0.0)
    thor (0.16.0)

PLATFORMS
  ruby

DEPENDENCIES
  coffee-script
  colored
  rake-pipeline!
  rake-pipeline-web-filters!
  thin
  thor
  uglifier!
